GEM
  remote: https://rubygems.org/
  specs:
    CFPropertyList (3.0.0)
    addressable (2.6.0)
      public_suffix (>= 2.0.2, < 4.0)
    ast (2.4.0)
    atomos (0.1.3)
    backport (1.1.1)
    byebug (11.0.1)
    claide (1.0.2)
    colored2 (3.1.2)
    crack (0.4.3)
      safe_yaml (~> 1.0.0)
    debase (0.2.2)
      debase-ruby_core_source (>= 0.10.2)
    debase-ruby_core_source (0.10.5)
    down (4.8.1)
      addressable (~> 2.5)
    git (1.5.0)
    htmlentities (4.3.4)
    jaro_winkler (1.5.3)
    json (2.2.0)
    json_mapper (0.2.1)
      json (>= 1.4.3)
    kramdown (1.17.0)
    mini_portile2 (2.4.0)
    nanaimo (0.2.6)
    nokogiri (1.10.4)
      mini_portile2 (~> 2.4.0)
    parallel (1.17.0)
    parser (2.6.3.0)
      ast (~> 2.4.0)
    power_assert (1.1.4)
    public_suffix (3.1.1)
    rainbow (3.0.0)
    rake (12.3.2)
    reverse_markdown (1.1.0)
      nokogiri
    rubocop (0.72.0)
      jaro_winkler (~> 1.5.1)
      parallel (~> 1.10)
      parser (>= 2.6)
      rainbow (>= 2.2.2, < 4.0)
      ruby-progressbar (~> 1.7)
      unicode-display_width (>= 1.4.0, < 1.7)
    ruby-debug-ide (0.7.0)
      rake (>= 0.8.1)
    ruby-lint (2.3.1)
      parser (~> 2.2)
      slop (~> 3.4, >= 3.4.7)
    ruby-progressbar (1.10.1)
    rubyzip (1.2.3)
    safe_yaml (1.0.5)
    slop (3.6.0)
    solargraph (0.34.2)
      backport (~> 1.1)
      bundler (>= 1.17.2)
      htmlentities (~> 4.3, >= 4.3.4)
      jaro_winkler (~> 1.5)
      kramdown (~> 1.16)
      parser (~> 2.3)
      reverse_markdown (~> 1.0, >= 1.0.5)
      rubocop (~> 0.52)
      thor (~> 0.19, >= 0.19.4)
      tilt (~> 2.0)
      yard (~> 0.9)
    test-unit (3.3.3)
      power_assert
    thor (0.20.3)
    tilt (2.0.9)
    unicode-display_width (1.6.0)
    xcodeproj (1.10.0)
      CFPropertyList (>= 2.3.3, < 4.0)
      atomos (~> 0.1.3)
      claide (>= 1.0.2, < 2.0)
      colored2 (~> 3.1)
      nanaimo (~> 0.2.6)
    yard (0.9.20)

PLATFORMS
  ruby

DEPENDENCIES
  byebug
  crack
  debase
  down (~> 4.4)
  git
  jaro_winkler (>= 1.5.2)
  json_mapper (>= 0.2.1)
  rubocop
  ruby-debug-ide
  ruby-lint
  rubyzip
  solargraph
  test-unit
  xcodeproj

BUNDLED WITH
   2.0.1
